GEM
  remote: http://rubygems.org/
  specs:
    activemodel (3.2.13)
      activesupport (= 3.2.13)
      builder (~> 3.0.0)
    activesupport (3.2.13)
      i18n (= 0.6.1)
      multi_json (~> 1.0)
    approvals (0.0.7)
      nokogiri
      thor
    builder (3.0.4)
    coderay (1.0.9)
    faraday (0.8.7)
      multipart-post (~> 1.1)
    i18n (0.6.1)
    metaclass (0.0.1)
    method_source (0.8.1)
    mocha (0.14.0)
      metaclass (~> 0.0.1)
    mongoid (3.1.4)
      activemodel (~> 3.2)
      moped (~> 1.4)
      origin (~> 1.0)
      tzinfo (~> 0.3.22)
    moped (1.5.0)
    multi_json (1.7.5)
    multipart-post (1.2.0)
    nokogiri (1.5.9)
    origin (1.1.0)
    pry (0.9.12.2)
      coderay (~> 1.0.5)
      method_source (~> 0.8)
      slop (~> 3.4)
    puma (2.0.1)
      rack (>= 1.1, < 2.0)
    rack (1.5.2)
    rack-flash3 (1.0.3)
      rack
      rack
    rack-protection (1.5.0)
      rack
    rack-test (0.6.2)
      rack (>= 1.0)
    redcarpet (2.3.0)
    rouge (0.3.2)
      thor
    sinatra (1.4.2)
      rack (~> 1.5, >= 1.5.2)
      rack-protection (~> 1.4)
      tilt (~> 1.3, >= 1.3.4)
    slop (3.4.5)
    thor (0.18.1)
    tilt (1.4.1)
    tzinfo (0.3.37)

PLATFORMS
  ruby

DEPENDENCIES
  approvals
  faraday
  mocha
  mongoid
  pry
  puma
  rack-flash3
  rack-test
  redcarpet
  rouge
  sinatra
